GEM
  remote: https://rubygems.org/
  specs:
    bigdecimal (3.1.9)
    coderay (1.1.3)
    method_source (1.1.0)
    mini_portile2 (2.8.8)
    mustermann (3.0.3)
      ruby2_keywords (~> 0.0.1)
    nio4r (2.7.4)
    pry (0.15.2)
      coderay (~> 1.1)
      method_source (~> 1.0)
    puma (6.6.0)
      nio4r (~> 2.0)
    rack (2.2.11)
    rack-protection (3.0.6)
      rack
    rackup (1.0.1)
      rack (< 3)
      webrick
    ruby2_keywords (0.0.5)
    sequel (5.73.0)
      bigdecimal
    sinatra (3.0.6)
      mustermann (~> 3.0)
      rack (~> 2.2, >= 2.2.4)
      rack-protection (= 3.0.6)
      tilt (~> 2.0)
    sqlite3 (1.7.3)
      mini_portile2 (~> 2.8.0)
    tilt (2.6.0)
    webrick (1.9.1)

PLATFORMS
  ruby

DEPENDENCIES
  pry
  puma
  rackup
  sequel
  sinatra
  sqlite3

RUBY VERSION
   ruby 3.3.6p108

BUNDLED WITH
   2.6.5
